GEM
  remote: https://rubygems.org/
  specs:
    activesupport (4.2.9)
      i18n (~> 0.7)
      minitest (~> 5.1)
      thread_safe (~> 0.3, >= 0.3.4)
      tzinfo (~> 1.1)
    anvil-cli (0.16.2)
      progress (~> 2.4, >= 2.4.0)
      rest-client (~> 1.6, >= 1.6.7)
      thor (~> 0.15, >= 0.15.2)
    diff-lcs (1.2.5)
    domain_name (0.5.20170404)
      unf (>= 0.0.5, < 1.0.0)
    erubis (2.7.0)
    excon (0.58.0)
    heroics (0.0.23)
      erubis (~> 2.0)
      excon
      multi_json (>= 1.9.2)
    heroku-api (0.4.2)
      excon (~> 0.45)
      multi_json (~> 1.8)
    heroku_hatchet (3.0.0)
      activesupport (~> 4)
      anvil-cli (~> 0)
      excon (~> 0)
      heroku-api (~> 0)
      platform-api (~> 2)
      repl_runner (~> 0.0.3)
      rrrretry (~> 1)
      thor (~> 0)
      threaded (~> 0)
    http-cookie (1.0.3)
      domain_name (~> 0.5)
    i18n (0.8.6)
    mime-types (2.99.3)
    minitest (5.10.3)
    moneta (0.8.1)
    multi_json (1.12.1)
    netrc (0.11.0)
    platform-api (2.1.0)
      heroics (~> 0.0.23)
      moneta (~> 0.8.1)
    progress (2.4.0)
    repl_runner (0.0.3)
      activesupport
    rest-client (1.8.0)
      http-cookie (>= 1.0.2, < 2.0)
      mime-types (>= 1.16, < 3.0)
      netrc (~> 0.7)
    rrrretry (1.0.0)
    rspec-core (3.4.1)
      rspec-support (~> 3.4.0)
    rspec-expectations (3.4.0)
      diff-lcs (>= 1.2.0, < 2.0)
      rspec-support (~> 3.4.0)
    rspec-retry (0.4.5)
      rspec-core
    rspec-support (3.4.1)
    thor (0.19.4)
    thread_safe (0.3.6)
    threaded (0.0.4)
    tzinfo (1.2.3)
      thread_safe (~> 0.1)
    unf (0.1.4)
      unf_ext
    unf_ext (0.0.7.4)

PLATFORMS
  ruby

DEPENDENCIES
  heroku_hatchet (= 3.0.0)
  rspec-expectations
  rspec-retry

BUNDLED WITH
   1.15.4
